PATH
  remote: .
  specs:
    espn-tennis-cli-app (0.0.1)
      nokogiri (~> 1.7)
      require_all (~> 1.4)

GEM
  remote: https://rubygems.org/
  specs:
    coderay (1.1.1)
    method_source (0.8.2)
    mini_portile2 (2.1.0)
    nokogiri (1.7.0.1)
      mini_portile2 (~> 2.1.0)
    pry (0.10.4)
      coderay (~> 1.1.0)
      method_source (~> 0.8.1)
      slop (~> 3.4)
    rake (12.0.0)
    require_all (1.4.0)
    slop (3.6.0)

PLATFORMS
  ruby

DEPENDENCIES
  bundler (~> 1.13)
  espn-tennis-cli-app!
  pry (~> 0.10)
  rake (~> 12.0)

BUNDLED WITH
   1.13.6
